GEM
  remote: https://rubygems.org/
  specs:
    mustermann (1.0.3)
    rack (2.1.1)
    rack-protection (2.0.5)
      rack
    sinatra (2.0.5)
      mustermann (~> 1.0)
      rack (~> 2.0)
      rack-protection (= 2.0.5)
      tilt (~> 2.0)
    tilt (2.0.10)

PLATFORMS
  ruby

DEPENDENCIES
  sinatra

BUNDLED WITH
   2.0.2
